GEM
  remote: https://rubygems.org/
  specs:
    dotenv (0.9.0)
    easypost (2.0.11)
      multi_json (>= 1.0.4, < 2)
      rest-client (~> 1.4)
    httpclient (2.3.4.1)
    mime-types (2.1)
    multi_json (1.8.4)
    pusher (0.12.0)
      httpclient (~> 2.3.0)
      multi_json (~> 1.0)
      signature (~> 0.1.6)
    pusher-client (0.4.0)
      websocket (~> 1.0.0)
    redis (3.0.7)
    rest-client (1.6.7)
      mime-types (>= 1.16)
    signature (0.1.7)
    websocket (1.0.7)

PLATFORMS
  ruby

DEPENDENCIES
  dotenv
  easypost
  pusher
  pusher-client
  redis
